GEM
  remote: https://rubygems.org/
  specs:
    awesome_print (1.6.1)
    cause (0.1)
    httparty (0.13.7)
      json (~> 1.8)
      multi_xml (>= 0.5.2)
    influxdb (0.3.13)
      cause
      json
    json (1.8.3)
    multi_xml (0.5.5)

PLATFORMS
  ruby

DEPENDENCIES
  awesome_print!
  httparty!
  influxdb!

BUNDLED WITH
   1.15.3
